GEM
  remote: https://rubygems.org/
  specs:
    asymptotic (0.0.7)
      colored
      gnuplot
      peach
    colored (1.2)
    diff-lcs (1.2.4)
    gnuplot (2.6.2)
    multi_json (1.7.9)
    peach (0.5.1)
    rspec (2.14.1)
      rspec-core (~> 2.14.0)
      rspec-expectations (~> 2.14.0)
      rspec-mocks (~> 2.14.0)
    rspec-core (2.14.5)
    rspec-expectations (2.14.2)
      diff-lcs (>= 1.1.3, < 2.0)
    rspec-mocks (2.14.3)
    simplecov (0.7.1)
      multi_json (~> 1.0)
      simplecov-html (~> 0.7.1)
    simplecov-html (0.7.1)

PLATFORMS
  ruby

DEPENDENCIES
  asymptotic
  rspec
  simplecov
